GEM
  remote: http://rubygems.org/
  specs:
    abstract (1.0.0)
    actionmailer (3.0.10)
      actionpack (= 3.0.10)
      mail (~> 2.3.0)
    actionpack (3.0.10)
      activemodel (= 3.0.10)
      activesupport (= 3.0.10)
      builder (~> 2.1.2)
      erubis (~> 2.6.6)
      i18n (~> 0.4)
      multimap (>= 1.1.2)
      rack
      rack-mount
      rack-test
      regin (>= 0.3.7)
      tzinfo (~> 0.3.23)
    activemodel (3.0.10)
      activesupport (= 3.0.10)
      builder (~> 2.1.2)
      i18n (~> 0.4)
    activerecord (3.0.10)
      activemodel (= 3.0.10)
      activesupport (= 3.0.10)
      arel (~> 2.0.2)
      tzinfo (~> 0.3.23)
    activeresource (3.0.10)
      activemodel (= 3.0.10)
      activesupport (= 3.0.10)
    activesupport (3.0.10)
    arel (2.0.9)
    aws-sdk (1.1.1)
      httparty (~> 0.7.4)
      json (~> 1.4)
      nokogiri (>= 1.4.3)
      uuidtools (~> 2.1)
    barista (1.2.1)
      coffee-script (~> 2.2)
    builder (2.1.2)
    coffee-script (2.2.0)
      coffee-script-source
      execjs
    coffee-script-source (1.1.2)
    crack (0.1.8)
    erubis (2.6.6)
      abstract (>= 1.0.0)
    execjs (1.2.6)
      multi_json (~> 1.0)
    formtastic (1.2.3)
      actionpack (>= 2.3.7)
      activesupport (>= 2.3.7)
      i18n (~> 0.4)
    haml (3.0.18)
    hpricot (0.8.4)
    httparty (0.7.4)
      crack (= 0.1.8)
    i18n (0.5.0)
    json (1.4.6)
    mail (2.3.0)
      activesupport (>= 2.3.6)
      i18n (>= 0.4.0)
      mime-types (~> 1.16)
      treetop (~> 1.4.8)
    mime-types (1.16)
    mocha (0.9.8)
    multi_json (1.0.3)
    multimap (1.1.2)
    nokogiri (1.4.3.1)
    parseconfig (0.5.2)
    polyglot (0.2.5)
    rack (1.1.0)
    rack-mount (0.6.13)
      rack (>= 1.0.0)
    rack-test (0.5.4)
      rack (>= 1.0)
    rails (3.0.10)
      actionmailer (= 3.0.10)
      actionpack (= 3.0.10)
      activerecord (= 3.0.10)
      activeresource (= 3.0.10)
      activesupport (= 3.0.10)
      bundler (~> 1.0)
      railties (= 3.0.10)
    railties (3.0.10)
      actionpack (= 3.0.10)
      activesupport (= 3.0.10)
      rake (>= 0.8.7)
      rdoc (~> 3.4)
      thor (~> 0.14.4)
    rake (0.8.7)
    rdiscount (1.6.3.2)
    rdoc (3.7)
    recaptcha (0.3.1)
    regin (0.3.7)
    sinatra (1.2.6)
      rack (~> 1.1)
      tilt (>= 1.2.2, < 2.0)
    sqlite3 (1.3.3)
    stomp (1.1.8)
    thor (0.14.6)
    tilt (1.2.2)
    treetop (1.4.10)
      polyglot (>= 0.2.5)
    tzinfo (0.3.26)
    uuidtools (2.1.1)
    xml-simple (1.0.12)

PLATFORMS
  ruby

DEPENDENCIES
  aws-sdk
  barista
  formtastic (~> 1.2.3)
  haml
  hpricot
  json
  mocha
  multimap
  parseconfig
  rack
  rails (~> 3.0.10)
  rdiscount
  recaptcha
  regin
  sinatra (= 1.2.6)
  sqlite3 (= 1.3.3)
  stomp
  tilt (= 1.2.2)
  xml-simple
