PATH
  remote: ../console
  specs:
    console (1.0.0.alpha)
      barista (~> 1.2.1)
      compass (~> 0.11.5)
      formtastic (~> 1.2.3)
      haml (~> 3.1.2)
      net-http-persistent (~> 2.3.2)
      rack (>= 1.2.5)
      rails (~> 3.0.13)
      rdiscount (~> 1.6.3)
      sass (~> 3.1.7)

GEM
  remote: http://rubygems.org/
  specs:
    abstract (1.0.0)
    actionmailer (3.0.13)
      actionpack (= 3.0.13)
      mail (~> 2.3.0)
    actionpack (3.0.13)
      activemodel (= 3.0.13)
      activesupport (= 3.0.13)
      builder (~> 2.1.2)
      erubis (~> 2.6.6)
      i18n (~> 0.4)
      rack
      rack-mount
      rack-test
      regin (>= 0.3.7)
      tzinfo (~> 0.3.23)
    activemodel (3.0.13)
      activesupport (= 3.0.13)
      builder (~> 2.1.2)
      i18n (~> 0.4)
    activerecord (3.0.13)
      activemodel (= 3.0.13)
      activesupport (= 3.0.13)
      arel (~> 2.0.2)
      tzinfo (~> 0.3.23)
    activeresource (3.0.13)
      activemodel (= 3.0.13)
      activesupport (= 3.0.13)
    activesupport (3.0.13)
    addressable (2.2.6)
    arel (2.0.9)
    barista (1.2.1)
      coffee-script (~> 2.2)
    builder (2.1.2)
    chunky_png (1.2.0)
    ci_reporter (1.7.0)
      builder (>= 2.1.2)
    coffee-script (2.2.0)
      coffee-script-source
      execjs
    coffee-script-source (1.1.2)
    compass (0.11.5)
      chunky_png (~> 1.2)
      fssm (>= 0.2.7)
      sass (~> 3.1)
    crack (0.1.8)
    erubis (2.6.6)
      abstract (>= 1.0.0)
    execjs (1.2.6)
      multi_json (~> 1.0)
    formtastic (1.2.3)
      actionpack (>= 2.3.7)
      activesupport (>= 2.3.7)
      i18n (~> 0.4)
    fssm (0.2.7)
    haml (3.1.2)
    hpricot (0.8.4)
    httparty (0.7.4)
    i18n (0.5.0)
    json (1.4.6)
    mail (2.3.0)
      activesupport (>= 2.3.6)
      i18n (>= 0.4.0)
      mime-types (~> 1.16)
      treetop (~> 1.4.8)
    mime-types (1.16)
    mocha (0.9.8)
    multi_json (1.0.3)
    net-http-persistent (2.3.2)
    parseconfig (0.5.2)
    polyglot (0.2.5)
    rack (1.3.0)
    rack-mount (0.7.1)
      rack (>= 1.0.0)
    rack-test (0.6.1)
      rack (>= 1.0)
    rails (3.0.13)
      actionmailer (= 3.0.13)
      actionpack (= 3.0.13)
      activerecord (= 3.0.13)
      activeresource (= 3.0.13)
      activesupport (= 3.0.13)
      bundler (~> 1.0)
      railties (= 3.0.13)
    railties (3.0.13)
      actionpack (= 3.0.13)
      activesupport (= 3.0.13)
      rake (>= 0.8.7)
      rdoc (~> 3.7)
      thor (~> 0.14.4)
    rake (0.8.7)
    rcov (1.0.0)
    rdiscount (1.6.3.2)
    rdoc (3.7)
    recaptcha (0.3.1)
    regin (0.3.7)
    sass (3.1.7)
    sinatra (1.2.6)
      rack (~> 1.1)
      tilt (>= 1.2.2, < 2.0)
    sqlite3 (1.3.3)
    stomp (1.1.8)
    thor (0.14.6)
    tilt (1.2.2)
    treetop (1.4.10)
      polyglot (>= 0.2.5)
    tzinfo (0.3.26)
    wddx (0.4.1)
    webmock (1.6.4)
      addressable (~> 2.2, > 2.2.5)
      crack (>= 0.1.7)
    xml-simple (1.0.12)

PLATFORMS
  ruby

DEPENDENCIES
  barista
  ci_reporter
  compass
  console!
  crack
  formtastic (~> 1.2.3)
  haml
  hpricot
  httparty
  json
  mocha
  net-http-persistent
  parseconfig
  rack
  rails (~> 3.0.13)
  rcov
  rdiscount
  recaptcha
  regin
  sinatra (= 1.2.6)
  sqlite3 (= 1.3.3)
  stomp
  tilt (= 1.2.2)
  wddx
  webmock (~> 1.6.4)
  xml-simple
