GEM
  remote: http://rubygems.org/
  specs:
    abstract (1.0.0)
    actionmailer (3.0.11)
      actionpack (= 3.0.11)
      mail (~> 2.2.19)
    actionpack (3.0.11)
      activemodel (= 3.0.11)
      activesupport (= 3.0.11)
      builder (~> 2.1.2)
      erubis (~> 2.6.6)
      i18n (~> 0.5.0)
      rack (~> 1.2.1)
      rack-mount (~> 0.6.14)
      rack-test (~> 0.5.7)
      tzinfo (~> 0.3.23)
    activemodel (3.0.11)
      activesupport (= 3.0.11)
      builder (~> 2.1.2)
      i18n (~> 0.5.0)
    activerecord (3.0.11)
      activemodel (= 3.0.11)
      activesupport (= 3.0.11)
      arel (~> 2.0.10)
      tzinfo (~> 0.3.23)
    activeresource (3.0.11)
      activemodel (= 3.0.11)
      activesupport (= 3.0.11)
    activesupport (3.0.11)
    arel (2.0.10)
    bson (1.5.2)
    builder (2.1.2)
    cloud-sdk-common (0.5.1)
      activemodel
      json
      mongo
    cloud-sdk-controller (0.5.1)
      activesupport
      cloud-sdk-common
      json
      open4
      state_machine
    cloud-sdk-node (0.5.1)
      activemodel
      cloud-sdk-common
      highline
      json
      parseconfig
      state_machine
    erubis (2.6.6)
      abstract (>= 1.0.0)
    highline (1.6.11)
    i18n (0.5.0)
    json (1.6.5)
    mail (2.2.19)
      activesupport (>= 2.3.6)
      i18n (>= 0.4.0)
      mime-types (~> 1.16)
      treetop (~> 1.4.8)
    metaclass (0.0.1)
    mime-types (1.17.2)
    mocha (0.10.4)
      metaclass (~> 0.0.1)
    mongo (1.5.2)
      bson (= 1.5.2)
    multimap (1.1.2)
    open4 (1.3.0)
    parseconfig (0.5.2)
    polyglot (0.3.3)
    rack (1.2.5)
    rack-mount (0.6.14)
      rack (>= 1.0.0)
    rack-test (0.5.7)
      rack (>= 1.0)
    rails (3.0.11)
      actionmailer (= 3.0.11)
      actionpack (= 3.0.11)
      activerecord (= 3.0.11)
      activeresource (= 3.0.11)
      activesupport (= 3.0.11)
      bundler (~> 1.0)
      railties (= 3.0.11)
    railties (3.0.11)
      actionpack (= 3.0.11)
      activesupport (= 3.0.11)
      rake (>= 0.8.7)
      rdoc (~> 3.4)
      thor (~> 0.14.4)
    rake (0.9.2.2)
    rdoc (3.12)
      json (~> 1.4)
    regin (0.3.8)
    state_machine (1.1.2)
    thor (0.14.6)
    treetop (1.4.10)
      polyglot
      polyglot (>= 0.3.1)
    tzinfo (0.3.31)
    xml-simple (1.1.1)

PLATFORMS
  ruby

DEPENDENCIES
  cloud-sdk-controller
  cloud-sdk-node
  json
  mocha
  mongo
  multimap
  open4
  parseconfig
  rack
  rails (~> 3.0.10)
  regin
  xml-simple
