GEM
  remote: http://rubygems.org/
  specs:
    builder (3.0.0)
    commander (4.1.2)
      highline (~> 1.6.11)
    highline (1.6.13)
    i18n (0.6.0)
    kramdown (0.13.7)
    mail (2.4.4)
      i18n (>= 0.4.0)
      mime-types (~> 1.16)
      treetop (~> 1.4.8)
    mime-types (1.18)
    polyglot (0.3.3)
    pony (1.4)
      mail (> 2.0)
    rally_rest_api (1.0.3)
    treetop (1.4.10)
      polyglot
      polyglot (>= 0.3.1)

PLATFORMS
  ruby

DEPENDENCIES
  builder
  commander
  kramdown
  pony
  rally_rest_api
