PATH
  remote: .
  specs:
    cloud-sdk-node (0.2.2)
      activemodel (= 3.0.10)
      cloud-sdk-common
      highline (= 1.5.1)
      json (= 1.4.3)
      parseconfig (= 0.5.2)
      state_machine (= 1.1.0)

GEM
  remote: http://rubygems.org/
  specs:
    activemodel (3.0.10)
      activesupport (= 3.0.10)
      builder (~> 2.1.2)
      i18n (~> 0.5.0)
    activesupport (3.0.10)
    builder (2.1.2)
    cloud-sdk-common (0.2.2)
      activemodel (= 3.0.10)
      json (= 1.4.3)
    diff-lcs (1.1.3)
    highline (1.5.1)
    i18n (0.5.0)
    json (1.4.3)
    mocha (0.9.8)
      rake
    parseconfig (0.5.2)
    rake (0.9.2.2)
    rspec (2.7.0)
      rspec-core (~> 2.7.0)
      rspec-expectations (~> 2.7.0)
      rspec-mocks (~> 2.7.0)
    rspec-core (2.7.1)
    rspec-expectations (2.7.0)
      diff-lcs (~> 1.1.2)
    rspec-mocks (2.7.0)
    state_machine (1.1.0)

PLATFORMS
  ruby

DEPENDENCIES
  cloud-sdk-node!
  mocha (= 0.9.8)
  rake (>= 0.8.7)
  rspec
