PATH
  remote: .
  specs:
    cloud-sdk-controller (0.5.3)
      activesupport
      cloud-sdk-common
      json

GEM
  remote: http://rubygems.org/
  specs:
    activemodel (3.0.10)
      activesupport
      builder
      i18n
    activesupport (3.0.10)
    bson (1.5.2)
    builder (2.1.2)
    cloud-sdk-common (0.5.1)
      activemodel
      json
      mongo
    i18n (0.5.0)
    json (1.4.6)
    mocha (0.9.8)
      rake
    mongo (1.5.2)
      bson
    rake (0.8.7)
    rspec (1.3.0)
    state_machine (1.1.2)

PLATFORMS
  ruby

DEPENDENCIES
  bundler
  cloud-sdk-controller!
  mocha
  rake
  rspec
  state_machine
