PATH
  remote: .
  specs:
    cloud-sdk-controller (0.1.15)
      activemodel (= 3.0.10)
      highline (= 1.5.1)
      json_pure (= 1.5.1)
      parseconfig (= 0.5.2)
      state_machine (= 1.0.2)

GEM
  remote: http://rubygems.org/
  specs:
    activemodel (3.0.10)
      activesupport (= 3.0.10)
      builder (~> 2.1.2)
      i18n (~> 0.4)
    activesupport (3.0.10)
    builder (2.1.2)
    cloud-sdk-common (0.1.15)
    cucumber (1.1.2)
      builder (>= 2.1.2)
      diff-lcs (>= 1.1.2)
      gherkin (~> 2.6.2)
      json (>= 1.4.6)
      term-ansicolor (>= 1.0.6)
    diff-lcs (1.1.3)
    gherkin (2.6.5)
      json (>= 1.4.6)
    highline (1.5.1)
    i18n (0.6.0)
    json (1.6.1)
    json_pure (1.5.1)
    mocha (0.9.8)
      rake
    parseconfig (0.5.2)
    rake (0.9.2.2)
    rspec (2.7.0)
      rspec-core (~> 2.7.0)
      rspec-expectations (~> 2.7.0)
      rspec-mocks (~> 2.7.0)
    rspec-core (2.7.1)
    rspec-expectations (2.7.0)
      diff-lcs (~> 1.1.2)
    rspec-mocks (2.7.0)
    state_machine (1.0.2)
    term-ansicolor (1.0.7)

PLATFORMS
  ruby

DEPENDENCIES
  cloud-sdk-controller!
  cloud-sdk-common
  cucumber (>= 0.9.0)
  mocha (= 0.9.8)
  rake (>= 0.8.7)
  rspec
