PATH
  remote: .
  specs:
    cloud-sdk-controller (0.3.19)
      activesupport (~> 3.0.10)
      cloud-sdk-common
      json (= 1.4.3)

GEM
  remote: http://rubygems.org/
  specs:
    activemodel (3.0.10)
      activesupport (= 3.0.10)
      builder (~> 2.1.2)
      i18n (~> 0.5.0)
    activesupport (3.0.10)
    bson (1.5.2)
    builder (2.1.2)
    cloud-sdk-common (0.3.12)
      activemodel (= 3.0.10)
      json (= 1.4.3)
      mongo (= 1.5.2)
    i18n (0.5.0)
    json (1.4.3)
    mocha (0.9.8)
      rake
    mongo (1.5.2)
      bson (= 1.5.2)
    rake (0.8.7)
    rspec (1.3.0)

PLATFORMS
  ruby

DEPENDENCIES
  bundler (= 1.0.10)
  cloud-sdk-controller!
  mocha (= 0.9.8)
  rake (= 0.8.7)
  rspec (= 1.3.0)
