PATH
  remote: .
  specs:
    cloud-sdk-controller (0.2.7)
      activesupport (~> 3.0.10)
      cloud-sdk-common (= 0.2.4)
      json (= 1.4.3)

GEM
  remote: http://rubygems.org/
  specs:
    activemodel (3.0.10)
      activesupport (= 3.0.10)
      builder (~> 2.1.2)
      i18n (~> 0.5.0)
    activesupport (3.0.10)
    builder (2.1.2)
    cloud-sdk-common (0.2.4)
      activemodel (= 3.0.10)
      json (= 1.4.3)
      rack (= 1.1.0)
    i18n (0.5.0)
    json (1.4.3)
    rack (1.1.0)

PLATFORMS
  ruby

DEPENDENCIES
  cloud-sdk-controller!
