GEM
  remote: http://rubygems.org/
  specs:
    abstract (1.0.0)
    actionmailer (3.0.10)
      actionpack
      mail
    actionpack (3.0.10)
      activemodel
      activesupport
      builder
      erubis
      i18n
      multimap
      rack
      rack-mount
      rack-test
      regin
      tzinfo
    activemodel (3.0.10)
      activesupport
      builder
      i18n
    activerecord (3.0.10)
      activemodel
      activesupport
      arel
      tzinfo
    activeresource (3.0.10)
      activemodel
      activesupport
    activesupport (3.0.10)
    arel (2.0.9)
    aws-sdk (1.1.1)
      httparty
      json
      nokogiri
      uuidtools
    bson (1.5.2)
    builder (2.1.2)
    crack (0.1.8)
    dnsruby (1.53)
    erubis (2.6.6)
      abstract
    httparty (0.7.4)
      crack
    i18n (0.5.0)
    json (1.4.6)
    mail (2.3.0)
      activesupport
      i18n
      mime-types
      treetop
    mime-types (1.16)
    mocha (0.9.8)
    mongo (1.5.2)
      bson
    multimap (1.1.2)
    nokogiri (1.4.3.1)
    open4 (1.3.0)
    parseconfig (0.5.2)
    polyglot (0.2.5)
    rack (1.1.0)
    rack-mount (0.6.13)
      rack
    rack-test (0.5.4)
      rack
    rails (3.0.10)
      actionmailer
      actionpack
      activerecord
      activeresource
      activesupport
      bundler
      railties
    railties (3.0.10)
      actionpack
      activesupport
      rake
      rdoc
      thor
    rake (0.8.7)
    rdoc (3.7)
    regin (0.3.7)
    rest-client (1.6.1)
    state_machine (1.1.2)
    stickshift-common (0.6.4)
      activemodel
      json
      mongo
      rack
    stickshift-controller (0.6.6)
      activesupport
      dnsruby
      json
      open4
      state_machine
      stickshift-common
    stomp (1.1.8)
    thor (0.14.6)
    thread-dump (0.0.5)
    treetop (1.4.10)
      polyglot
    tzinfo (0.3.26)
    uuidtools (2.1.1)
    xml-simple (1.0.12)

PLATFORMS
  ruby

DEPENDENCIES
  aws-sdk
  json
  mocha
  mongo
  multimap
  open4
  parseconfig
  rack
  rails (~> 3.0.10)
  regin
  rest-client
  stickshift-controller
  stomp
  thread-dump
  xml-simple
