GEM
  remote: http://rubygems.org/
  specs:
    abstract (1.0.0)
    actionmailer (3.0.5)
      actionpack (= 3.0.5)
      mail (~> 2.2.15)
    actionpack (3.0.5)
      activemodel (= 3.0.5)
      activesupport (= 3.0.5)
      builder (~> 2.1.2)
      erubis (~> 2.6.6)
      i18n (~> 0.4)
      multimap (>= 1.1.2)
      rack (~> 1.1.0)
      rack-mount (~> 0.6.13)
      rack-test (~> 0.5.4)
      regin (>= 0.3.7)
      tzinfo (~> 0.3.23)
    activemodel (3.0.5)
      activesupport (= 3.0.5)
      builder (~> 2.1.2)
      i18n (~> 0.4)
    activerecord (3.0.5)
      activemodel (= 3.0.5)
      activesupport (= 3.0.5)
      arel (~> 2.0.2)
      tzinfo (~> 0.3.23)
    activeresource (3.0.5)
      activemodel (= 3.0.5)
      activesupport (= 3.0.5)
    activesupport (3.0.5)
    arel (2.0.9)
    aws (2.4.5)
    builder (2.1.2)
    erubis (2.6.6)
      abstract (>= 1.0.0)
    http_connection (1.4.1)
    i18n (0.5.0)
    json (1.4.3)
    mail (2.2.15)
      activesupport (>= 2.3.6)
      i18n (>= 0.4.0)
      mime-types (~> 1.16)
      treetop (~> 1.4.8)
    mime-types (1.16)
    mocha (0.9.8)
    multimap (1.1.2)
    parseconfig (0.5.2)
    polyglot (0.2.5)
    rack (1.1.0)
    rack-mount (0.6.13)
      rack (>= 1.0.0)
    rack-test (0.5.4)
      rack (>= 1.0)
    rails (3.0.5)
      actionmailer (= 3.0.5)
      actionpack (= 3.0.5)
      activerecord (= 3.0.5)
      activeresource (= 3.0.5)
      activesupport (= 3.0.5)
      bundler (~> 1.0)
      railties (= 3.0.5)
    railties (3.0.5)
      actionpack (= 3.0.5)
      activesupport (= 3.0.5)
      rake (>= 0.8.7)
      thor (~> 0.14.4)
    rake (0.8.7)
    regin (0.3.7)
    stomp (1.1.8)
    thor (0.14.6)
    treetop (1.4.9)
      polyglot (>= 0.2.5)
    tzinfo (0.3.26)
    xml-simple (1.0.12)

PLATFORMS
  ruby

DEPENDENCIES
  aws (~> 2.4.5)
  http_connection
  json
  mocha
  parseconfig
  rack
  rails (~> 3.0.5)
  stomp
  xml-simple
