GEM
  remote: http://rubygems.org/
  specs:
    abstract (1.0.0)
    actionmailer (3.0.10)
      actionpack (= 3.0.10)
      mail (~> 2.3.0)
    actionpack (3.0.10)
      activemodel (= 3.0.10)
      activesupport (= 3.0.10)
      builder (~> 2.1.2)
      erubis (~> 2.6.6)
      i18n (~> 0.4)
      multimap (>= 1.1.2)
      rack (~> 1.1.0)
      rack-mount (~> 0.6.13)
      rack-test (~> 0.5.4)
      regin (>= 0.3.7)
      tzinfo (~> 0.3.23)
    activemodel (3.0.10)
      activesupport (= 3.0.10)
      builder (~> 2.1.2)
      i18n (~> 0.4)
    activerecord (3.0.10)
      activemodel (= 3.0.10)
      activesupport (= 3.0.10)
      arel (~> 2.0.2)
      tzinfo (~> 0.3.23)
    activeresource (3.0.10)
      activemodel (= 3.0.10)
      activesupport (= 3.0.10)
    activesupport (3.0.10)
    arel (2.0.9)
    aws-sdk (1.1.1)
      httparty (~> 0.7.4)
      json (~> 1.4)
      nokogiri (>= 1.4.3)
      uuidtools (~> 2.1)
    bson (1.5.2)
    builder (2.1.2)
    cloud-sdk-common (0.4.1)
      activemodel (= 3.0.10)
      json (= 1.4.6)
      mongo (= 1.5.2)
      rack (= 1.1.0)
    cloud-sdk-controller (0.4.1)
      activesupport (~> 3.0.10)
      cloud-sdk-common
      json (= 1.4.6)
      state_machine (= 1.1.2)
    crack (0.1.8)
    erubis (2.6.6)
      abstract (>= 1.0.0)
    httparty (0.7.4)
      crack (= 0.1.8)
    i18n (0.5.0)
    json (1.4.6)
    mail (2.3.0)
      activesupport (>= 2.3.6)
      i18n (>= 0.4.0)
      mime-types (~> 1.16)
      treetop (~> 1.4.8)
    mime-types (1.16)
    mocha (0.9.8)
    mongo (1.5.2)
      bson (= 1.5.2)
    multimap (1.1.2)
    nokogiri (1.4.3.1)
    parseconfig (0.5.2)
    polyglot (0.2.5)
    rack (1.1.0)
    rack-mount (0.6.13)
      rack (>= 1.0.0)
    rack-test (0.5.4)
      rack (>= 1.0)
    rails (3.0.10)
      actionmailer (= 3.0.10)
      actionpack (= 3.0.10)
      activerecord (= 3.0.10)
      activeresource (= 3.0.10)
      activesupport (= 3.0.10)
      bundler (~> 1.0)
      railties (= 3.0.10)
    railties (3.0.10)
      actionpack (= 3.0.10)
      activesupport (= 3.0.10)
      rake (>= 0.8.7)
      rdoc (~> 3.4)
      thor (~> 0.14.4)
    rake (0.8.7)
    rdoc (3.7)
    regin (0.3.7)
    rest-client (1.6.1)
    state_machine (1.1.2)
    stomp (1.1.8)
    thor (0.14.6)
    thread-dump (0.0.5)
    treetop (1.4.10)
      polyglot (>= 0.2.5)
    tzinfo (0.3.26)
    uuidtools (2.1.1)
    xml-simple (1.0.12)

PLATFORMS
  ruby

DEPENDENCIES
  aws-sdk
  cloud-sdk-controller
  json
  mocha
  mongo
  multimap
  parseconfig
  rack
  rails (~> 3.0.10)
  regin
  rest-client
  stomp
  thread-dump
  xml-simple
