GEM
  remote: http://rubygems.org/
  specs:
    abstract (1.0.0)
    actionmailer (3.0.13)
      actionpack
      mail
    actionpack (3.0.13)
      activemodel
      activesupport
      builder
      erubis
      i18n
      rack
      rack-mount
      rack-test
      regin
      tzinfo
    activemodel (3.0.13)
      activesupport
      builder
      i18n
    activerecord (3.0.13)
      activemodel
      activesupport
      arel
      tzinfo
    activeresource (3.0.13)
      activemodel
      activesupport
    activesupport (3.0.13)
    arel (2.0.9)
    bson (1.5.2)
    builder (2.1.2)
    dnsruby (1.53)
    erubis (2.6.6)
      abstract
    gearchanger-mcollective-plugin (0.2.5)
      json
      stickshift-controller
    i18n (0.5.0)
    json (1.4.6)
    mail (2.3.0)
      activesupport
      i18n
      mime-types
      treetop
    mime-types (1.16)
    mocha (0.9.8)
    mongo (1.5.2)
      bson
    mongo_mapper (0.11.1)
      activemodel (~> 3.0)
      activesupport (~> 3.0)
      plucky (~> 0.4.0)
    open4 (1.3.0)
    parseconfig (0.5.2)
    plucky (0.4.4)
      mongo (~> 1.5)
    polyglot (0.2.5)
    pony (1.1)
      mail (> 2.0)
    rack (1.3.0)
    rack-mount (0.7.1)
      rack
    rack-test (0.6.1)
      rack
    rails (3.0.13)
      actionmailer
      actionpack
      activerecord
      activeresource
      activesupport
      bundler
      railties
    railties (3.0.13)
      actionpack
      activesupport
      rake
      rdoc
      thor
    rake (0.8.7)
    rcov (1.0.0)
    rdoc (3.7)
    regin (0.3.7)
    rest-client (1.6.1)
    ruby-prof (0.10.7)
    state_machine (1.1.2)
    stickshift-common (0.14.3)
      activemodel
      json
      mongo
      rack
    stickshift-controller (0.15.7)
      activesupport
      dnsruby
      json
      open4
      state_machine
      stickshift-common
    stomp (1.1.8)
    swingshift-streamline-plugin (0.12.2)
      json
      stickshift-controller
    systemu (1.2.0)
    thor (0.14.6)
    thread-dump (0.0.5)
    treetop (1.4.10)
      polyglot
    tzinfo (0.3.26)
    uplift-dynect-plugin (0.12.2)
      json
      stickshift-controller
    wddx (0.4.1)
    xml-simple (1.0.12)

PLATFORMS
  ruby

DEPENDENCIES
  gearchanger-mcollective-plugin
  json
  mocha
  mongo
  mongo_mapper
  open4
  parseconfig
  pony
  rack
  rails (~> 3.0.13)
  rcov
  regin
  rest-client
  ruby-prof
  stickshift-controller
  stomp
  swingshift-streamline-plugin
  systemu
  thread-dump
  uplift-dynect-plugin
  wddx
  xml-simple
